PATH
  remote: .
  specs:
    rspec-multi-mock (0.3.1)
      rspec-core (>= 3.7.0)

GEM
  remote: http://rubygems.org/
  specs:
    diff-lcs (1.4.4)
    metaclass (0.0.4)
    mocha (1.7.0)
      metaclass (~> 0.0.1)
    rake (13.0.6)
    rr (1.1.2)
    rspec (3.8.0)
      rspec-core (~> 3.8.0)
      rspec-expectations (~> 3.8.0)
      rspec-mocks (~> 3.8.0)
    rspec-core (3.8.2)
      rspec-support (~> 3.8.0)
    rspec-expectations (3.8.6)
      diff-lcs (>= 1.2.0, < 2.0)
      rspec-support (~> 3.8.0)
    rspec-mocks (3.8.2)
      diff-lcs (>= 1.2.0, < 2.0)
      rspec-support (~> 3.8.0)
    rspec-support (3.8.3)

PLATFORMS
  x86_64-darwin-20

DEPENDENCIES
  mocha (~> 1.7.0)
  rake
  rr (~> 1.1.2)
  rspec (>= 3.7.0)
  rspec-multi-mock!

BUNDLED WITH
   2.2.28
