PATH
  remote: .
  specs:
    rspec-multi-mock (0.3.1)
      rspec (>= 3.7.0)

GEM
  remote: http://rubygems.org/
  specs:
    diff-lcs (1.3)
    mocha (0.9.12)
    rake (13.0.1)
    rr (1.1.2)
    rspec (3.7.0)
      rspec-core (~> 3.7.0)
      rspec-expectations (~> 3.7.0)
      rspec-mocks (~> 3.7.0)
    rspec-core (3.7.1)
      rspec-support (~> 3.7.0)
    rspec-expectations (3.7.0)
      diff-lcs (>= 1.2.0, < 2.0)
      rspec-support (~> 3.7.0)
    rspec-mocks (3.7.0)
      diff-lcs (>= 1.2.0, < 2.0)
      rspec-support (~> 3.7.0)
    rspec-support (3.7.1)

PLATFORMS
  ruby

DEPENDENCIES
  mocha (~> 0.9.8)
  rake
  rr (~> 1.1.2)
  rspec-multi-mock!

BUNDLED WITH
   1.16.1
